PATH
  remote: .
  specs:
    capistrano3-autoscaling-deploy (1.1)
      aws-sdk (= 2.6.10)
      capistrano (~> 3)
      capistrano-bundler (~> 1.1.2)

GEM
  remote: http://rubygems.org/
  specs:
    airbrussh (1.1.1)
      sshkit (>= 1.6.1, != 1.7.0)
    aws-sdk (2.6.10)
      aws-sdk-resources (= 2.6.10)
    aws-sdk-core (2.6.10)
      jmespath (~> 1.0)
    aws-sdk-resources (2.6.10)
      aws-sdk-core (= 2.6.10)
    capistrano (3.6.1)
      airbrussh (>= 1.0.0)
      capistrano-harrow
      i18n
      rake (>= 10.0.0)
      sshkit (>= 1.9.0)
    capistrano-bundler (1.1.4)
      capistrano (~> 3.1)
      sshkit (~> 1.2)
    capistrano-harrow (0.5.3)
    i18n (0.7.0)
    jmespath (1.3.1)
    net-scp (1.2.1)
      net-ssh (>= 2.6.5)
    net-ssh (3.2.0)
    rake (11.1.2)
    sshkit (1.11.3)
      net-scp (>= 1.1.2)
      net-ssh (>= 2.8.0)

PLATFORMS
  ruby

DEPENDENCIES
  bundler (~> 1.5)
  capistrano3-autoscaling-deploy!
  rake

BUNDLED WITH
   1.12.5
